PATH
  remote: .
  specs:
    shrine-color (0.3.1)
      jnylen-colorscore (~> 0.1, >= 0.1.3)
      shrine (>= 2.0, <= 4.0)

GEM
  remote: https://rubygems.org/
  specs:
    addressable (2.8.0)
      public_suffix (>= 2.0.2, < 5.0)
    color (1.8)
    content_disposition (1.0.0)
    diff-lcs (1.5.0)
    down (5.2.2)
      addressable (~> 2.5)
    jnylen-colorscore (0.1.3)
      color
    public_suffix (4.0.6)
    rake (13.0.6)
    rspec (3.12.0)
      rspec-core (~> 3.12.0)
      rspec-expectations (~> 3.12.0)
      rspec-mocks (~> 3.12.0)
    rspec-core (3.12.0)
      rspec-support (~> 3.12.0)
    rspec-expectations (3.12.0)
      diff-lcs (>= 1.2.0, < 2.0)
      rspec-support (~> 3.12.0)
    rspec-mocks (3.12.0)
      diff-lcs (>= 1.2.0, < 2.0)
      rspec-support (~> 3.12.0)
    rspec-support (3.12.0)
    shrine (3.4.0)
      content_disposition (~> 1.0)
      down (~> 5.1)

PLATFORMS
  ruby

DEPENDENCIES
  bundler (~> 2.1)
  rake (~> 13.0)
  rspec (~> 3.0)
  shrine-color!

BUNDLED WITH
   1.17.2
