PATH
  remote: .
  specs:
    shrine-color (0.3.1)
      jnylen-colorscore (~> 0.1, >= 0.1.3)
      shrine (>= 2.0, <= 4.0)

GEM
  remote: https://rubygems.org/
  specs:
    addressable (2.7.0)
      public_suffix (>= 2.0.2, < 5.0)
    color (1.8)
    content_disposition (1.0.0)
    diff-lcs (1.2.5)
    down (4.8.1)
      addressable (~> 2.5)
    jnylen-colorscore (0.1.3)
      color
    public_suffix (4.0.1)
    rake (11.2.2)
    rspec (3.5.0)
      rspec-core (~> 3.5.0)
      rspec-expectations (~> 3.5.0)
      rspec-mocks (~> 3.5.0)
    rspec-core (3.5.2)
      rspec-support (~> 3.5.0)
    rspec-expectations (3.5.0)
      diff-lcs (>= 1.2.0, < 2.0)
      rspec-support (~> 3.5.0)
    rspec-mocks (3.5.0)
      diff-lcs (>= 1.2.0, < 2.0)
      rspec-support (~> 3.5.0)
    rspec-support (3.5.0)
    shrine (2.19.3)
      content_disposition (~> 1.0)
      down (~> 4.1)

PLATFORMS
  ruby

DEPENDENCIES
  bundler (~> 1.12)
  rake (~> 11.1)
  rspec (~> 3.0)
  shrine-color!

BUNDLED WITH
   1.17.2
