PATH
  remote: .
  specs:
    shrine-color (0.3.1)
      color
      miro (~> 0.4.0)
      shrine (>= 2.0, <= 4.0)

GEM
  remote: https://rubygems.org/
  specs:
    addressable (2.7.0)
      public_suffix (>= 2.0.2, < 5.0)
    chunky_png (1.3.11)
    climate_control (0.2.0)
    cocaine (0.6.0)
      terrapin (= 0.6.0)
    color (1.8)
    content_disposition (1.0.0)
    diff-lcs (1.3)
    down (5.1.1)
      addressable (~> 2.5)
    miro (0.4.0)
      chunky_png
      cocaine
      color
      oily_png
    oily_png (1.2.1)
      chunky_png (~> 1.3.7)
    public_suffix (4.0.3)
    rake (12.3.3)
    rspec (3.9.0)
      rspec-core (~> 3.9.0)
      rspec-expectations (~> 3.9.0)
      rspec-mocks (~> 3.9.0)
    rspec-core (3.9.1)
      rspec-support (~> 3.9.1)
    rspec-expectations (3.9.1)
      diff-lcs (>= 1.2.0, < 2.0)
      rspec-support (~> 3.9.0)
    rspec-mocks (3.9.1)
      diff-lcs (>= 1.2.0, < 2.0)
      rspec-support (~> 3.9.0)
    rspec-support (3.9.2)
    shrine (3.2.1)
      content_disposition (~> 1.0)
      down (~> 5.1)
    terrapin (0.6.0)
      climate_control (>= 0.0.3, < 1.0)

PLATFORMS
  ruby

DEPENDENCIES
  bundler (~> 2.1)
  rake (~> 12.3)
  rspec (~> 3.0)
  shrine-color!

BUNDLED WITH
   2.1.4
